PATH
  remote: .
  specs:
    mosql (0.5.1)
      bson (~> 4)
      bson_ext
      json
      log4r
      mongo (~> 2)
      mongoriver (~> 1.3)
      pg
      rake
      sequel

GEM
  remote: https://rubygems.org/
  specs:
    bson (4.15.0)
    bson_ext (1.5.1)
    json (2.6.3)
    log4r (1.1.10)
    minitest (5.18.0)
    mocha (2.0.2)
      ruby2_keywords (>= 0.0.5)
    mongo (2.18.2)
      bson (>= 4.14.1, < 5.0.0)
    pg (1.5.3)
    rake (13.0.6)
    ruby2_keywords (0.0.5)
    sequel (5.68.0)

GEM
  remote: https://rubygems.pkg.github.com/ghostnumber7/
  specs:
    mongoriver (1.3.0)
      bson_ext
      log4r
      mongo (>= 2.0)

PLATFORMS
  x86_64-linux

DEPENDENCIES
  minitest (~> 5.18)
  mocha (~> 2.0, >= 2.0.2)
  mongoriver (~> 1.3)!
  mosql!

BUNDLED WITH
   2.3.5
